GIT
  remote: git://github.com/jwmarshall/market_bot.git
  revision: 446c0a3f460c7c0c11ca2bfa53384afe9de1af78
  branch: master
  specs:
    market_bot (0.12.1)
      nokogiri
      typhoeus (>= 0.6.0)

GEM
  remote: https://rubygems.org/
  specs:
    ethon (0.7.1)
      ffi (>= 1.3.0)
    ffi (1.9.5)
    json (1.8.1)
    mini_portile (0.6.0)
    nokogiri (1.6.3.1)
      mini_portile (= 0.6.0)
    rack (1.5.2)
    rack-protection (1.5.3)
      rack
    sinatra (1.4.5)
      rack (~> 1.4)
      rack-protection (~> 1.4)
      tilt (~> 1.3, >= 1.3.4)
    tilt (1.4.1)
    typhoeus (0.6.9)
      ethon (>= 0.7.1)

PLATFORMS
  ruby

DEPENDENCIES
  json
  market_bot!
  sinatra
